GEM
  remote: https://rubygems.org/
  specs:
    coderay (1.1.3)
    concode (0.1.1)
    concurrent-ruby (1.1.7)
    dotenv (2.7.6)
    ffi (1.13.1)
    listen (3.2.1)
      rb-fsevent (~> 0.10, >= 0.10.3)
      rb-inotify (~> 0.9, >= 0.9.10)
    message_bus (3.3.3)
      rack (>= 1.1.3)
    method_source (1.0.0)
    nio4r (2.5.4)
    pry (0.13.1)
      coderay (~> 1.1)
      method_source (~> 1.0)
    pry-remote (0.1.8)
      pry (~> 0.9)
      slop (~> 3.0)
    puma (5.0.0)
      nio4r (~> 2.0)
    rack (2.2.3)
    rack-cors (1.1.1)
      rack (>= 2.0.0)
    rb-fsevent (0.10.4)
    rb-inotify (0.10.1)
      ffi (~> 1.0)
    rerun (0.13.0)
      listen (~> 3.0)
    roda (3.36.0)
      rack
    roda-message_bus (1.0.0)
      message_bus (>= 2.0.0)
      roda (>= 2.0.0)
    seconds (0.3)
    slim (4.1.0)
      temple (>= 0.7.6, < 0.9)
      tilt (>= 2.0.6, < 2.1)
    slop (3.6.0)
    temple (0.8.2)
    tilt (2.0.10)

PLATFORMS
  ruby

DEPENDENCIES
  concode
  concurrent-ruby
  dotenv
  pry-remote
  puma
  rack-cors
  rerun
  roda
  roda-message_bus
  seconds
  slim

RUBY VERSION
   ruby 2.7.1p83

BUNDLED WITH
   2.1.4
